GEM
  remote: http://rubygems.org/
  specs:
    coffee-script (2.2.0)
      coffee-script-source
      execjs
    coffee-script-source (1.2.0)
    execjs (1.3.0)
      multi_json (~> 1.0)
    fssm (0.2.8.1)
    multi_json (1.0.4)
    rake (0.9.2.2)

PLATFORMS
  ruby

DEPENDENCIES
  coffee-script
  fssm
  rake
